GEM
  remote: https://rubygems.vpsfree.cz/
  specs:
    coderay (1.1.3)
    curses (1.4.2)
    eventmachine (1.2.7)
    filelock (1.1.1)
    gli (2.17.2)
    highline (1.7.10)
    ipaddress (0.8.3)
    json (2.5.1)
    libnodectld (3.0.0.dev.build20210624145852)
      eventmachine
      filelock
      ipaddress (~> 0.8.3)
      json
      libosctl (= 21.05.0.build20210619105613)
      mail
      mysql2
      osctl (= 21.05.0.build20210619105613)
      osctl-exportfs (= 21.05.0.build20210619105613)
      pry (~> 0.11.3)
      pry-remote
      require_all (~> 2.0.0)
    libosctl (21.05.0.build20210619105613)
      rainbow (~> 3.0.0)
      require_all (~> 2.0.0)
    mail (2.7.1)
      mini_mime (>= 0.1.1)
    method_source (0.9.2)
    mini_mime (1.1.0)
    mysql2 (0.5.3)
    osctl (21.05.0.build20210619105613)
      curses
      gli (~> 2.17.1)
      highline (~> 1.7.10)
      ipaddress (~> 0.8.3)
      json
      libosctl (= 21.05.0.build20210619105613)
      rainbow (~> 3.0.0)
      require_all (~> 2.0.0)
      ruby-progressbar (~> 1.9.0)
    osctl-exportfs (21.05.0.build20210619105613)
      filelock
      gli (~> 2.17.1)
      libosctl (= 21.05.0.build20210619105613)
      require_all (~> 2.0.0)
    pry (0.11.3)
      coderay (~> 1.1.0)
      method_source (~> 0.9.0)
    pry-remote (0.1.8)
      pry (~> 0.9)
      slop (~> 3.0)
    rainbow (3.0.0)
    require_all (2.0.0)
    ruby-progressbar (1.9.0)
    slop (3.6.0)

PLATFORMS
  ruby

DEPENDENCIES
  libnodectld (= 3.0.0.dev.build20210624145852)

BUNDLED WITH
   2.1.4
