GEM
  remote: https://rubygems.vpsfree.cz/
  specs:
    coderay (1.1.2)
    curses (1.2.7)
    eventmachine (1.2.7)
    gli (2.17.2)
    highline (1.7.10)
    ipaddress (0.8.3)
    json (2.2.0)
    libnodectld (3.0.0.dev.build20190225165142)
      eventmachine
      json
      libosctl (= 18.09.0.build20190221200428)
      mail
      mysql2
      osctl (= 18.09.0.build20190221200428)
      pry (~> 0.11.3)
      pry-remote
      require_all (~> 2.0.0)
    libosctl (18.09.0.build20190221200428)
      require_all (~> 2.0.0)
    mail (2.7.1)
      mini_mime (>= 0.1.1)
    method_source (0.9.2)
    mini_mime (1.0.1)
    mysql2 (0.5.2)
    nodectld (3.0.0.dev.build20190225165142)
      libnodectld (= 3.0.0.dev.build20190225165142)
    osctl (18.09.0.build20190221200428)
      curses
      gli (~> 2.17.1)
      highline (~> 1.7.10)
      ipaddress (~> 0.8.3)
      json
      libosctl (= 18.09.0.build20190221200428)
      rainbow (~> 3.0.0)
      require_all (~> 2.0.0)
      ruby-progressbar (~> 1.9.0)
    pry (0.11.3)
      coderay (~> 1.1.0)
      method_source (~> 0.9.0)
    pry-remote (0.1.8)
      pry (~> 0.9)
      slop (~> 3.0)
    rainbow (3.0.0)
    require_all (2.0.0)
    ruby-progressbar (1.9.0)
    slop (3.6.0)

PLATFORMS
  ruby

DEPENDENCIES
  nodectld (= 3.0.0.dev.build20190225165142)

BUNDLED WITH
   1.16.3
